GEM
  remote: https://rubygems.org/
  specs:
    macgap (0.0.8)
    rake (10.1.0)

PLATFORMS
  ruby

DEPENDENCIES
  macgap
  rake
